GEM
  remote: https://rubygems.org/
  specs:
    bacon (1.2.0)
    dropbox-sdk (1.6.3)
      json
    json (1.8.1)
    pg (0.17.1)
    rack (1.5.2)
    rack-protection (1.5.2)
      rack
    sequel (4.8.0)
    sinatra (1.4.4)
      rack (~> 1.4)
      rack-protection (~> 1.4)
      tilt (~> 1.3, >= 1.3.4)
    sinatra-sequel (0.9.0)
      bacon
      sequel (>= 3.2.0)
      sinatra (>= 0.9.4)
    sqlite3 (1.3.9)
    tilt (1.4.1)

PLATFORMS
  ruby

DEPENDENCIES
  dropbox-sdk
  pg
  sequel
  sinatra
  sinatra-sequel
  sqlite3
